GIT
  remote: git://github.com/akashkamboj/active_admin.git
  revision: d9c593b13a6fadcf0eb8d5bcd14fc1a157954e93
  branch: rails4
  specs:
    activeadmin (0.6.0)
      arbre (>= 1.0.1)
      bourbon (>= 1.0.0)
      devise (>= 1.1.2)
      fastercsv
      formtastic (>= 2.0.0)
      inherited_resources (>= 1.3.1)
      jquery-rails (>= 1.0.0)
      kaminari (>= 0.13.0)
      rails (>= 3.1.0)
      ransack (>= 0.7.0)
      sass (>= 3.1.0)

GIT
  remote: git://github.com/ernie/ransack.git
  revision: 39da31f8ac8f8a9852a217bebc494548f9bb89c3
  branch: rails-4
  specs:
    ransack (0.7.3)
      actionpack (~> 4.0.0)
      activerecord (~> 4.0.0)
      polyamorous (~> 0.6.0)

GIT
  remote: git://github.com/josevalim/inherited_resources.git
  revision: ae1516a3f1a01f98beac3334f76831a1c793c521
  specs:
    inherited_resources (1.4.1)
      has_scope (~> 0.6.0.rc)
      responders (~> 1.0.0.rc)

GIT
  remote: git://github.com/justinfrench/formtastic.git
  revision: cd6cb88f28ea7444267802ced8e5ec0f5cfd0f90
  specs:
    formtastic (2.3.0.rc2)
      actionpack (>= 3.0)

GIT
  remote: git://github.com/plataformatec/responders.git
  revision: 6b57da9efb85c79157434a85c1bc34b2b4231aaa
  specs:
    responders (1.0.0.rc)
      railties (>= 3.2, < 5)

GEM
  remote: https://rubygems.org/
  specs:
    actionmailer (4.0.0)
      actionpack (= 4.0.0)
      mail (~> 2.5.3)
    actionpack (4.0.0)
      activesupport (= 4.0.0)
      builder (~> 3.1.0)
      erubis (~> 2.7.0)
      rack (~> 1.5.2)
      rack-test (~> 0.6.2)
    activemodel (4.0.0)
      activesupport (= 4.0.0)
      builder (~> 3.1.0)
    activerecord (4.0.0)
      activemodel (= 4.0.0)
      activerecord-deprecated_finders (~> 1.0.2)
      activesupport (= 4.0.0)
      arel (~> 4.0.0)
    activerecord-deprecated_finders (1.0.3)
    activesupport (4.0.0)
      i18n (~> 0.6, >= 0.6.4)
      minitest (~> 4.2)
      multi_json (~> 1.3)
      thread_safe (~> 0.1)
      tzinfo (~> 0.3.37)
    anjlab-bootstrap-rails (2.3.1.2)
      railties (>= 3.0)
      sass (>= 3.2)
    annotate (2.5.0)
      rake
    arbre (1.0.1)
      activesupport (>= 3.0.0)
    arel (4.0.0)
    atomic (1.1.10)
    bcrypt-ruby (3.1.1)
    better_errors (0.9.0)
      coderay (>= 1.0.0)
      erubis (>= 2.6.6)
    binding_of_caller (0.7.2)
      debug_inspector (>= 0.0.1)
    bootstrap-datepicker-rails (1.1.1.3)
      railties (>= 3.0)
    bootstrap_helper (4.2.2.3)
      railties (= 4.0.0)
      thor (~> 0.14)
      will_paginate (>= 3.0.3)
    bourbon (3.1.8)
      sass (>= 3.2.0)
      thor
    builder (3.1.4)
    cape (1.7.0)
    capistrano (2.15.5)
      highline
      net-scp (>= 1.0.0)
      net-sftp (>= 2.0.0)
      net-ssh (>= 2.0.14)
      net-ssh-gateway (>= 1.1.0)
    capistrano-ext (1.2.1)
      capistrano (>= 1.0.0)
    coderay (1.0.9)
    coffee-rails (4.0.0)
      coffee-script (>= 2.2.0)
      railties (>= 4.0.0.beta, < 5.0)
    coffee-script (2.2.0)
      coffee-script-source
      execjs
    coffee-script-source (1.6.3)
    database_cleaner (1.1.1)
    debug_inspector (0.0.2)
    devise (3.0.0)
      bcrypt-ruby (~> 3.0)
      orm_adapter (~> 0.1)
      railties (>= 3.2.6, < 5)
      warden (~> 1.2.3)
    devise-i18n (0.8.6)
    diff-lcs (1.2.4)
    ejs (1.1.1)
    enumerize (0.6.1)
      activesupport (>= 3.2)
    erubis (2.7.0)
    execjs (1.4.0)
      multi_json (~> 1.0)
    factory_girl (4.2.0)
      activesupport (>= 3.0.0)
    factory_girl_rails (4.2.1)
      factory_girl (~> 4.2.0)
      railties (>= 3.0.0)
    faker (1.2.0)
      i18n (~> 0.5)
    faraday (0.8.8)
      multipart-post (~> 1.2.0)
    fastercsv (1.5.5)
    has_scope (0.6.0.rc)
      actionpack (>= 3.2, < 5)
      activesupport (>= 3.2, < 5)
    hashie (2.0.5)
    high_voltage (1.2.4)
    highline (1.6.19)
    hike (1.2.3)
    httpauth (0.2.0)
    i18n (0.6.4)
    jbuilder (1.5.0)
      activesupport (>= 3.0.0)
      multi_json (>= 1.2.0)
    jquery-rails (2.1.4)
      railties (>= 3.0, < 5.0)
      thor (>= 0.14, < 2.0)
    jquery-turbolinks (1.0.0)
      railties (>= 3.1.0)
      turbolinks
    json (1.8.0)
    jwt (0.1.8)
      multi_json (>= 1.5)
    kaminari (0.14.1)
      actionpack (>= 3.0.0)
      activesupport (>= 3.0.0)
    magic_encoding (0.0.2)
    mail (2.5.4)
      mime-types (~> 1.16)
      treetop (~> 1.4.8)
    method_source (0.8.2)
    mime-types (1.23)
    minitest (4.7.5)
    multi_json (1.7.7)
    multipart-post (1.2.0)
    net-scp (1.1.2)
      net-ssh (>= 2.6.5)
    net-sftp (2.1.2)
      net-ssh (>= 2.6.5)
    net-ssh (2.6.8)
    net-ssh-gateway (1.2.0)
      net-ssh (>= 2.6.5)
    oauth2 (0.8.1)
      faraday (~> 0.8)
      httpauth (~> 0.1)
      jwt (~> 0.1.4)
      multi_json (~> 1.0)
      rack (~> 1.2)
    omniauth (1.1.4)
      hashie (>= 1.2, < 3)
      rack
    omniauth-facebook (1.4.1)
      omniauth-oauth2 (~> 1.1.0)
    omniauth-oauth2 (1.1.1)
      oauth2 (~> 0.8.0)
      omniauth (~> 1.0)
    orm_adapter (0.4.0)
    polyamorous (0.6.3)
      activerecord (>= 3.0)
    polyglot (0.3.3)
    powder (0.2.0)
      thor (>= 0.11.5)
    pry (0.9.12.2)
      coderay (~> 1.0.5)
      method_source (~> 0.8)
      slop (~> 3.4)
    pry-nav (0.2.3)
      pry (~> 0.9.10)
    pry-remote (0.1.7)
      pry (~> 0.9)
      slop (~> 3.0)
    rack (1.5.2)
    rack-test (0.6.2)
      rack (>= 1.0)
    rails (4.0.0)
      actionmailer (= 4.0.0)
      actionpack (= 4.0.0)
      activerecord (= 4.0.0)
      activesupport (= 4.0.0)
      bundler (>= 1.3.0, < 2.0)
      railties (= 4.0.0)
      sprockets-rails (~> 2.0.0)
    rails-backbone (0.9.10)
      coffee-script (~> 2.2.0)
      ejs (~> 1.1.1)
      jquery-rails (~> 2.1.3)
      railties (>= 3.1.0)
    rails-i18n (4.0.0.pre)
      i18n (~> 0.5)
    railties (4.0.0)
      actionpack (= 4.0.0)
      activesupport (= 4.0.0)
      rake (>= 0.8.7)
      thor (>= 0.18.1, < 2.0)
    rake (10.1.0)
    rdoc (3.12.2)
      json (~> 1.4)
    rspec-core (2.14.4)
    rspec-expectations (2.14.0)
      diff-lcs (>= 1.1.3, < 2.0)
    rspec-mocks (2.14.2)
    rspec-rails (2.14.0)
      actionpack (>= 3.0)
      activesupport (>= 3.0)
      railties (>= 3.0)
      rspec-core (~> 2.14.0)
      rspec-expectations (~> 2.14.0)
      rspec-mocks (~> 2.14.0)
    sass (3.2.10)
    sass-rails (4.0.0)
      railties (>= 4.0.0.beta, < 5.0)
      sass (>= 3.1.10)
      sprockets-rails (~> 2.0.0)
    sdoc (0.3.20)
      json (>= 1.1.3)
      rdoc (~> 3.10)
    settingslogic (2.0.9)
    simple_form (3.0.0.rc)
      actionpack (>= 4.0.0.rc1, < 4.1)
      activemodel (>= 4.0.0.rc1, < 4.1)
    slop (3.4.6)
    sprockets (2.10.0)
      hike (~> 1.2)
      multi_json (~> 1.0)
      rack (~> 1.0)
      tilt (~> 1.1, != 1.3.0)
    sprockets-rails (2.0.0)
      actionpack (>= 3.0)
      activesupport (>= 3.0)
      sprockets (~> 2.8)
    sqlite3 (1.3.7)
    thor (0.18.1)
    thread_safe (0.1.2)
      atomic
    tilt (1.4.1)
    treetop (1.4.14)
      polyglot
      polyglot (>= 0.3.1)
    turbolinks (1.3.0)
      coffee-rails
    tzinfo (0.3.37)
    uglifier (2.1.2)
      execjs (>= 0.3.0)
      multi_json (~> 1.0, >= 1.0.2)
    warden (1.2.3)
      rack (>= 1.0)
    will_paginate (3.0.4)

PLATFORMS
  ruby

DEPENDENCIES
  activeadmin!
  anjlab-bootstrap-rails (>= 2.3)
  annotate
  better_errors
  binding_of_caller
  bootstrap-datepicker-rails
  bootstrap_helper
  cape
  capistrano
  capistrano-ext
  coffee-rails (~> 4.0.0)
  database_cleaner
  devise (= 3.0.0)
  devise-i18n
  enumerize
  factory_girl_rails
  faker
  formtastic!
  high_voltage
  inherited_resources!
  jbuilder (~> 1.2)
  jquery-rails
  jquery-turbolinks
  magic_encoding
  omniauth
  omniauth-facebook
  powder
  pry-nav
  pry-remote
  rails (= 4.0.0)
  rails-backbone
  rails-i18n (~> 4.0.0.pre)
  ransack!
  responders!
  rspec-rails (~> 2.0)
  sass-rails (~> 4.0.0)
  sdoc
  settingslogic
  simple_form (>= 3.0.0.rc)
  sqlite3
  turbolinks
  uglifier (>= 1.3.0)
